GEM
  remote: https://rubygems.org/
  specs:
    coderay (1.0.9)
    cssmin (1.0.3)
    ffi (1.7.0)
    guard (1.5.4)
      listen (>= 0.4.2)
      lumberjack (>= 1.0.2)
      pry (>= 0.9.10)
      thor (>= 0.14.6)
    guard-jammit (1.0.1)
      guard (>= 1.1.0)
      jammit
    jammit (0.6.6)
      cssmin (>= 1.0.3)
      jsmin (>= 1.0.1)
    jsmin (1.0.1)
    listen (0.4.7)
      rb-fchange (~> 0.0.5)
      rb-fsevent (~> 0.9.1)
      rb-inotify (~> 0.8.8)
    lumberjack (1.0.3)
    method_source (0.8.1)
    pry (0.9.12)
      coderay (~> 1.0.5)
      method_source (~> 0.8)
      slop (~> 3.4)
    rb-fchange (0.0.6)
      ffi
    rb-fsevent (0.9.3)
    rb-inotify (0.8.8)
      ffi (>= 0.5.0)
    slop (3.4.4)
    terminal-notifier-guard (1.5.3)
    thor (0.18.1)

PLATFORMS
  ruby

DEPENDENCIES
  guard
  guard-jammit
  listen (= 0.4.7)
  terminal-notifier-guard
